GEM
  remote: https://rubygems.org/
  specs:
    anemone (0.7.2)
      nokogiri (>= 1.3.0)
      robotex (>= 1.0.0)
    commander (4.4.0)
      highline (~> 1.7.2)
    highline (1.7.8)
    mini_portile2 (2.0.0)
    nokogiri (1.6.7.2)
      mini_portile2 (~> 2.0.0.rc2)
    robotex (1.0.0)

PLATFORMS
  ruby

DEPENDENCIES
  anemone
  commander
  nokogiri

BUNDLED WITH
   1.11.2
